GEM
  remote: https://rubygems.org/
  specs:
    artii (2.1.2)
    colorize (0.8.1)
    httparty (0.20.0)
      mime-types (~> 3.0)
      multi_xml (>= 0.5.2)
    meaning (0.1.5)
      nokogiri (~> 1.6.7)
      rainbow (~> 2.1.0)
      thor (~> 0.19.1)
    mime-types (3.4.1)
      mime-types-data (~> 3.2015)
    mime-types-data (3.2022.0105)
    mini_portile2 (2.1.0)
    multi_xml (0.6.0)
    nokogiri (1.6.8.1)
      mini_portile2 (~> 2.1.0)
    pastel (0.8.0)
      tty-color (~> 0.5)
    rainbow (2.1.0)
    ru_bee (0.1.1)
    rword (1.1.1)
    strings-ansi (0.2.0)
    thor (0.19.4)
    timeout (0.2.0)
    tty-color (0.6.0)
    tty-cursor (0.7.1)
    tty-progressbar (0.18.2)
      strings-ansi (~> 0.2)
      tty-cursor (~> 0.7)
      tty-screen (~> 0.8)
      unicode-display_width (>= 1.6, < 3.0)
    tty-prompt (0.23.1)
      pastel (~> 0.8)
      tty-reader (~> 0.8)
    tty-reader (0.9.0)
      tty-cursor (~> 0.7)
      tty-screen (~> 0.8)
      wisper (~> 2.0)
    tty-screen (0.8.1)
    unicode-display_width (2.1.0)
    wisper (2.0.1)
    word_wrap (1.0.0)

PLATFORMS
  x86_64-linux

DEPENDENCIES
  artii (~> 2.1)
  colorize (~> 0.8.1)
  httparty (~> 0.20.0)
  meaning (~> 0.1.5)
  nokogiri (~> 1.6)
  pastel (~> 0.8.0)
  ru_bee (~> 0.1.1)
  rword (~> 1.1)
  timeout (~> 0.2.0)
  tty-progressbar (~> 0.18.2)
  tty-prompt (~> 0.23.1)
  word_wrap (~> 1.0)

BUNDLED WITH
   2.3.10
